PATH
  remote: .
  specs:
    pinion (0.0.1)
      fssm (~> 0.2.8.1)
      rack (~> 1.0)

GEM
  remote: http://rubygems.org/
  specs:
    fssm (0.2.8.1)
    rack (1.4.1)

PLATFORMS
  ruby

DEPENDENCIES
  pinion!
