PATH
  remote: .
  specs:
    pinion (0.1.2)
      rack (~> 1.0)

GEM
  remote: http://rubygems.org/
  specs:
    rack (1.4.1)
    rake (0.9.2.2)

PLATFORMS
  ruby

DEPENDENCIES
  pinion!
  rake
